GEM
  remote: http://ruby.taobao.org/
  specs:
    builder (3.0.0)
    daemons (1.1.0)
    eventmachine (0.12.10)
    rack (1.2.1)
    rdiscount (1.6.8)
    shotgun (0.9)
      rack (>= 1.0)
    sinatra (1.2.0.d)
      rack (~> 1.1)
      tilt (>= 1.2.2, < 2.0)
    thin (1.2.8)
      daemons (>= 1.0.9)
      eventmachine (>= 0.12.6)
      rack (>= 1.0.0)
    tilt (1.2.2)

PLATFORMS
  ruby

DEPENDENCIES
  builder
  rdiscount
  shotgun
  sinatra
  thin
  tilt
