GEM
  remote: https://rubygems.org/
  specs:
    backports (3.6.8)
    builder (3.2.2)
    daemons (1.2.4)
    eventmachine (1.2.0.1)
    multi_json (1.12.1)
    rack (1.6.13)
    rack-protection (1.5.3)
      rack
    rack-test (0.6.3)
      rack (>= 1.0)
    rdiscount (2.2.0.1)
    sinatra (1.4.7)
      rack (~> 1.5)
      rack-protection (~> 1.4)
      tilt (>= 1.3, < 3)
    sinatra-contrib (1.4.7)
      backports (>= 2.0)
      multi_json
      rack-protection
      rack-test
      sinatra (~> 1.4.0)
      tilt (>= 1.3, < 3)
    stringex (2.6.1)
    thin (1.7.0)
      daemons (~> 1.0, >= 1.0.9)
      eventmachine (~> 1.0, >= 1.0.4)
      rack (>= 1, < 3)
    tilt (2.0.5)

PLATFORMS
  ruby

DEPENDENCIES
  builder
  rack (< 2.0)
  rdiscount
  sinatra
  sinatra-contrib
  stringex
  thin
  tilt

RUBY VERSION
   ruby 2.4.2p198

BUNDLED WITH
   1.16.0
