GEM
  remote: http://ruby.taobao.org/
  specs:
    backports (3.6.4)
    builder (3.2.0)
    daemons (1.2.2)
    eventmachine (1.0.7)
    multi_json (1.11.0)
    rack (1.5.2)
    rack-protection (1.5.0)
      rack
    rack-test (0.6.3)
      rack (>= 1.0)
    rdiscount (2.0.7.3)
    sinatra (1.4.2)
      rack (~> 1.5, >= 1.5.2)
      rack-protection (~> 1.4)
      tilt (~> 1.3, >= 1.3.4)
    sinatra-contrib (1.4.2)
      backports (>= 2.0)
      multi_json
      rack-protection
      rack-test
      sinatra (~> 1.4.0)
      tilt (~> 1.3)
    stringex (2.1.2)
    thin (1.6.3)
      daemons (~> 1.0, >= 1.0.9)
      eventmachine (~> 1.0)
      rack (~> 1.0)
    tilt (1.4.1)

PLATFORMS
  ruby

DEPENDENCIES
  builder
  rdiscount
  sinatra
  sinatra-contrib
  stringex
  thin
  tilt

BUNDLED WITH
   1.10.3
